GEM
  remote: https://rubygems.org/
  specs:
    columnize (0.3.6)
    gem-this (0.3.7)
    linecache (0.46)
      rbx-require-relative (> 0.0.4)
    rbx-require-relative (0.0.9)
    ruby-debug (0.10.4)
      columnize (>= 0.1)
      ruby-debug-base (~> 0.10.4.0)
    ruby-debug-base (0.10.4)
      linecache (>= 0.3)
    thor (0.19.1)

PLATFORMS
  ruby

DEPENDENCIES
  gem-this
  ruby-debug
  thor
