GEM
  remote: https://rubygems.org/
  specs:
    columnize (0.8.9)
    diff-lcs (1.2.5)
    gem-this (0.3.7)
    gemcutter (0.7.1)
    json (1.8.1)
    linecache (0.46)
      rbx-require-relative (> 0.0.4)
    rake (10.3.2)
    rbx-require-relative (0.0.9)
    rdoc (4.1.2)
      json (~> 1.4)
    rdoc-data (4.0.1)
      rdoc (~> 4.0)
    rspec (3.1.0)
      rspec-core (~> 3.1.0)
      rspec-expectations (~> 3.1.0)
      rspec-mocks (~> 3.1.0)
    rspec-core (3.1.3)
      rspec-support (~> 3.1.0)
    rspec-expectations (3.1.1)
      diff-lcs (>= 1.2.0, < 2.0)
      rspec-support (~> 3.1.0)
    rspec-mocks (3.1.0)
      rspec-support (~> 3.1.0)
    rspec-support (3.1.0)
    ruby-debug (0.10.4)
      columnize (>= 0.1)
      ruby-debug-base (~> 0.10.4.0)
    ruby-debug-base (0.10.4)
      linecache (>= 0.3)
    thor (0.19.1)

PLATFORMS
  ruby

DEPENDENCIES
  gem-this
  gemcutter
  rake
  rdoc
  rdoc-data
  rspec
  ruby-debug
  thor
